GEM
  remote: https://rubygems.org/
  specs:
    hashie (3.5.5)
    minitar (0.6.1)
    minitar-cli (0.6.1)
      minitar (~> 0.6.0)
      powerbar (~> 1.0)
    mysql2 (0.4.5)
    powerbar (1.0.18)
      hashie (>= 1.1.0)

PLATFORMS
  ruby

DEPENDENCIES
  minitar
  minitar-cli
  mysql2

BUNDLED WITH
   1.14.3
